{"Manufacturer":"Siemens",
"ManufacturersModelName":"Skyra",
"DeviceSerialNumber":"45796",
"StationName":"AWP45796",
"SoftwareVersions":"N4_VE11C_LATEST_20150722",
"MagneticFieldStrength":3,
"ReceiveCoilName":"HeadNeck_20",
"ReceiveCoilActiveElements":"HE1-4",
"MatrixCoilMode":"SENSE",
"CoilCombinationMethod":"Adaptive Combine",
"PulseSequenceType":"3D_GRASE",
"ScanningSequence":"EP",
"SequenceVariant":"SK\\OSP",
"ScanOptions":"FS",
"SequenceName":"*tgse3d1_10080",
"PulseSequenceDetails":"Skyra-syngo MR E11",
"NonlinearGradientCorrection":false,
"MRAcquisitionType":"3D",
"PartialFourier":1,
"PhaseEncodingDirection":"j-",
"EchoTime":0.01574,
"DwellTime":0.0000029,
"FlipAngle":180,
"InstitutionName":"The West of China Hospital",
"InstitutionalDepartmentName":"Department",
"InstitutionAddress":"Street StreetNo,Chengdu//3a3e8c//,District,CN,ZIP",
"RepetitionTimePreparation":4.6,
"ArterialSpinLabelingType":"PASL",
"PostLabelingDelay":1.99,
"BackgroundSuppression":true,
"M0Type":"Separate",
"VascularCrushing":false,
"TotalAcquiredPairs":4,
"BackgroundSuppressionNumberPulses":2,
"BackgroundSuppressionPulseTime":[1.3,2.6],
"LabelingDuration":0.7,
"BolusCutOffFlag":true,
"BolusCutOffDelayTime":0.7,
"BolusCutOffTechnique":"QUIPSSII"}