{"Manufacturer":"Siemens",
"ManufacturersModelName":"Skyra",
"DeviceSerialNumber":"45796",
"StationName":"AWP45796",
"SoftwareVersions":"syngo MR E11",
"MagneticFieldStrength":3,
"ReceiveCoilName":"HeadNeck_20",
"ReceiveCoilActiveElements":"HE1-4",
"MatrixCoilMode":"GRAPPA",
"CoilCombinationMethod":"Adaptive Combine",
"ScanningSequence":"SE\\IR",
"SequenceVariant":"SK\\SP\\MP\\OSP",
"ScanOptions":"IR\\PFP\\SAT2",
"SequenceName":"*spcir_284ns",
"PulseSequenceDetails":"%SiemensSeq%\\tse_vfl",
"NonlinearGradientCorrection":false,
"MRAcquisitionType":"3D",
"SpoilingState":true,
"ParallelReductionFactorInPlane":2,
"PartialFourier":1,
"PhaseEncodingDirection":"j-",
"EchoTime":0.225,
"InversionTime":2.36,
"DwellTime":0.0000025,
"FlipAngle":120,
"InstitutionName":"The West of China Hospital",
"InstitutionalDepartmentName":"Department",
"InstitutionAddress":"Street StreetNo,Chengdu//3a3e8c//,District,CN,ZIP",
"RepetitionTime":9}