{"Manufacturer":"Siemens",
"ManufacturersModelName":"Skyra",
"DeviceSerialNumber":"45796",
"StationName":"AWP45796",
"SoftwareVersions":"syngo MR E11",
"MagneticFieldStrength":3,
"ReceiveCoilName":"HeadNeck_20",
"ReceiveCoilActiveElements":"HE1-4",
"MatrixCoilMode":"GRAPPA",
"CoilCombinationMethod":"Adaptive Combine",
"ScanningSequence":"GR\\IR",
"SequenceVariant":"SK\\SP\\MP",
"ScanOptions":"IR\\WE",
"SequenceName":"*tfl3d1_16",
"PulseSequenceDetails":"%SiemensSeq%\\tfl",
"NonlinearGradientCorrection":true,
"MRAcquisitionType":"3D",
"SpoilingState":true,
"ParallelReductionFactorInPlane":2,
"PartialFourier":1,
"EchoTime":0.00243,
"InversionTime":0.9,
"DwellTime":0.0000078,
"FlipAngle":9,
"InstitutionName":"The West of China Hospital",
"InstitutionalDepartmentName":"Department",
"InstitutionAddress":"Street StreetNo,Chengdu//3a3e8c//,District,CN,ZIP",
"RepetitionTime":1.9}